PATH
  remote: .
  specs:
    walters_api (0.0.1)
      json (~> 1.7)
      nokogiri (~> 1.5)
      sinatra (~> 1.3)

GEM
  remote: https://rubygems.org/
  specs:
    addressable (2.3.2)
    excon (0.15.4)
    heroku (2.30.1)
      heroku-api (~> 0.3.1)
      launchy (>= 0.3.2)
      netrc (~> 0.7.5)
      rest-client (~> 1.6.1)
      rubyzip
    heroku-api (0.3.1)
      excon (~> 0.15.4)
    json (1.7.4)
    launchy (2.1.1)
      addressable (~> 2.3)
    mime-types (1.19)
    netrc (0.7.5)
    nokogiri (1.5.5)
    rack (1.4.1)
    rack-protection (1.2.0)
      rack
    rest-client (1.6.7)
      mime-types (>= 1.16)
    rubyzip (0.9.9)
    shotgun (0.9)
      rack (>= 1.0)
    sinatra (1.3.2)
      rack (~> 1.3, >= 1.3.6)
      rack-protection (~> 1.2)
      tilt (~> 1.3, >= 1.3.3)
    tilt (1.3.3)

PLATFORMS
  ruby

DEPENDENCIES
  heroku
  shotgun
  walters_api!
