PATH
  remote: .
  specs:
    walters_api (0.0.1)
      json (>= 1.7, < 3.0)
      nokogiri (~> 1.5)
      rack-cors
      sinatra (~> 1.3)

GEM
  remote: https://rubygems.org/
  specs:
    heroku (3.99.3)
    json (2.3.1)
    mini_portile2 (2.4.0)
    nokogiri (1.10.10)
      mini_portile2 (~> 2.4.0)
    rack (1.6.10)
    rack-cors (1.0.6)
      rack (>= 1.6.0)
    rack-protection (1.5.5)
      rack
    shotgun (0.9.2)
      rack (>= 1.0)
    sinatra (1.4.8)
      rack (~> 1.5)
      rack-protection (~> 1.4)
      tilt (>= 1.3, < 3)
    tilt (2.0.10)

PLATFORMS
  ruby

DEPENDENCIES
  heroku
  shotgun
  walters_api!

BUNDLED WITH
   1.16.3
