PATH
  remote: .
  specs:
    walters_api (0.0.1)
      json (~> 1.7)
      nokogiri (~> 1.5)
      rack-cors
      sinatra (>= 1.3, < 3.0)

GEM
  remote: https://rubygems.org/
  specs:
    heroku (3.99.4)
    json (1.8.6)
    mini_portile2 (2.8.0)
    mustermann (1.1.1)
      ruby2_keywords (~> 0.0.1)
    nokogiri (1.13.4)
      mini_portile2 (~> 2.8.0)
      racc (~> 1.4)
    racc (1.6.0)
    rack (2.2.3)
    rack-cors (1.1.1)
      rack (>= 2.0.0)
    rack-protection (2.2.0)
      rack
    ruby2_keywords (0.0.5)
    shotgun (0.9.2)
      rack (>= 1.0)
    sinatra (2.2.0)
      mustermann (~> 1.0)
      rack (~> 2.2)
      rack-protection (= 2.2.0)
      tilt (~> 2.0)
    tilt (2.0.10)

PLATFORMS
  ruby

DEPENDENCIES
  heroku
  shotgun
  walters_api!

BUNDLED WITH
   1.16.3
